PATH
  remote: .
  specs:
    rack-auth-cookie (0.7.6)
      json
      rack (>= 1.0.0)

GEM
  remote: http://rubygems.org/
  specs:
    json (1.5.1)
    rack (1.2.1)

PLATFORMS
  ruby

DEPENDENCIES
  rack-auth-cookie!
